GEM
  remote: https://rubygems.org/
  specs:
    capistrano (2.14.1)
      highline
      net-scp (>= 1.0.0)
      net-sftp (>= 2.0.0)
      net-ssh (>= 2.0.14)
      net-ssh-gateway (>= 1.1.0)
    colored (1.2)
    highline (1.6.15)
    hoe (3.5.0)
      rake (>= 0.8, < 11.0)
    json (1.7.7)
    minitest (4.7.4)
    net-scp (1.0.4)
      net-ssh (>= 1.99.1)
    net-sftp (2.0.5)
      net-ssh (>= 2.0.9)
    net-ssh (2.6.3)
    net-ssh-gateway (1.1.0)
      net-ssh (>= 1.99.1)
    rake (10.0.4)
    rdoc (3.12.2)
      json (~> 1.4)

PLATFORMS
  ruby

DEPENDENCIES
  capistrano (~> 2.0)
  colored (~> 1.2)
  hoe (~> 3.5)
  minitest (~> 4.7)
  rdoc (~> 3.10)
